GEM
  remote: http://rubygems.org/
  remote: http://gems.alces-software.com/
  specs:
    addressable (2.2.8)
    alces-tools (0.8.0)
    commander (4.1.2)
      highline (~> 1.6.11)
    data_objects (0.10.8)
      addressable (~> 2.1)
    diff-lcs (1.1.3)
    dm-aggregates (1.2.0)
      dm-core (~> 1.2.0)
    dm-core (1.2.0)
      addressable (~> 2.2.6)
    dm-do-adapter (1.2.0)
      data_objects (~> 0.10.6)
      dm-core (~> 1.2.0)
    dm-migrations (1.2.0)
      dm-core (~> 1.2.0)
    dm-rest-adapter (1.3.0.alces0)
      dm-serializer (~> 1.2.0)
      json (>= 1.4.6)
      json_pure (>= 1.4.6)
      multi_json (~> 1.0)
      rest-client (~> 1.6)
    dm-serializer (1.2.1)
      dm-core (~> 1.2.0)
      fastercsv (~> 1.5.4)
      json (~> 1.6.1)
      json_pure (~> 1.6.1)
      multi_json (~> 1.0.3)
    dm-sqlite-adapter (1.2.0)
      dm-do-adapter (~> 1.2.0)
      do_sqlite3 (~> 0.10.6)
    do_sqlite3 (0.10.8)
      data_objects (= 0.10.8)
    fastercsv (1.5.5)
    grit (2.5.0)
      diff-lcs (~> 1.1)
      mime-types (~> 1.15)
      posix-spawn (~> 0.3.6)
    highline (1.6.13)
    json (1.6.7)
    json_pure (1.6.7)
    memoist (0.2.0)
    mime-types (1.19)
    multi_json (1.0.4)
    posix-spawn (0.3.6)
    rainbow (1.1.4)
    rest-client (1.6.7)
      mime-types (>= 1.16)
    rubytree (0.8.2)
    terminal-table (1.4.5)

PLATFORMS
  ruby

DEPENDENCIES
  alces-tools (>= 0.5.0)
  commander
  dm-aggregates (>= 1.2.0)
  dm-migrations (>= 1.2.0)
  dm-rest-adapter (= 1.3.0.alces0)
  dm-sqlite-adapter (>= 1.2.0)
  grit
  memoist
  rainbow
  rubytree
  terminal-table
